GIT
  remote: git://github.com/adambeynon/opal-router.git
  revision: bc8c242510794ecbb842b52423732f2ec55c2a1e
  specs:
    opal-router (0.0.1)
      opal (>= 0.3.44)

PATH
  remote: ../hyalite
  specs:
    hyalite (0.0.1)
      opal
      opal-browser

GEM
  remote: https://rubygems.org/
  specs:
    concurrent-ruby (1.0.0)
    haml (4.0.7)
      tilt
    hike (1.2.3)
    opal (0.9.2)
      hike (~> 1.2)
      sourcemap (~> 0.1.0)
      sprockets (~> 3.1)
      tilt (>= 1.4)
    opal-browser (0.2.0)
      opal
      paggio
    paggio (0.2.6)
    rack (1.6.4)
    rack-protection (1.5.3)
      rack
    sass (3.4.21)
    sinatra (1.4.7)
      rack (~> 1.5)
      rack-protection (~> 1.4)
      tilt (>= 1.3, < 3)
    sourcemap (0.1.1)
    sprockets (3.5.2)
      concurrent-ruby (~> 1.0)
      rack (> 1, < 3)
    tilt (2.0.2)

PLATFORMS
  ruby

DEPENDENCIES
  haml
  hyalite!
  opal-router!
  sass
  sinatra

BUNDLED WITH
   1.11.2
