GIT
  remote: git://github.com/adambeynon/opal-router.git
  revision: bc8c242510794ecbb842b52423732f2ec55c2a1e
  specs:
    opal-router (0.0.1)
      opal (>= 0.3.44)

GEM
  remote: https://rubygems.org/
  specs:
    activemodel (5.2.3)
      activesupport (= 5.2.3)
    activerecord (5.2.3)
      activemodel (= 5.2.3)
      activesupport (= 5.2.3)
      arel (>= 9.0)
    activesupport (5.2.3)
      concurrent-ruby (~> 1.0, >= 1.0.2)
      i18n (>= 0.7, < 2)
      minitest (~> 5.1)
      tzinfo (~> 1.1)
    addressable (2.6.0)
      public_suffix (>= 2.0.2, < 4.0)
    arel (9.0.0)
    ast (2.4.0)
    backports (3.15.0)
    byebug (11.0.1)
    coderay (1.1.2)
    concurrent-ruby (1.1.5)
    daemons (1.3.1)
    em-websocket (0.3.8)
      addressable (>= 2.1.1)
      eventmachine (>= 0.12.9)
    eventmachine (1.2.7)
    ffi (1.11.1)
    haml (5.1.1)
      temple (>= 0.8.0)
      tilt
    hyalite (0.3.2)
      opal
    i18n (1.6.0)
      concurrent-ruby (~> 1.0)
    line-bot-api (1.12.0)
    menilite (0.5.10)
      opal
      sinatra-activerecord
    method_source (0.9.2)
    minitest (5.11.3)
    multi_json (1.13.1)
    mustermann (1.0.3)
    opal (1.0.0)
      ast (>= 2.3.0)
      parser (= 2.5.3.0)
    opal-browser (0.2.0)
      opal
      paggio
    opal-haml (0.4.6)
      haml
      opal (>= 0.10, < 2)
      opal-sprockets (~> 0.4.1)
    opal-sprockets (0.4.6.1.0.3.7)
      opal (~> 1.0.0)
      sprockets (~> 3.7)
      tilt (>= 1.4)
    paggio (0.2.6)
    parser (2.5.3.0)
      ast (~> 2.4.0)
    pry (0.12.2)
      coderay (~> 1.1.0)
      method_source (~> 0.9.0)
    pry-byebug (3.7.0)
      byebug (~> 11.0)
      pry (~> 0.10)
    public_suffix (3.1.1)
    rack (2.0.7)
    rack-protection (2.0.5)
      rack
    rake (12.3.3)
    rb-fsevent (0.10.3)
    rb-inotify (0.10.0)
      ffi (~> 1.0)
    sass (3.7.4)
      sass-listen (~> 4.0.0)
    sass-listen (4.0.0)
      rb-fsevent (~> 0.9, >= 0.9.4)
      rb-inotify (~> 0.9, >= 0.9.7)
    sinatra (2.0.5)
      mustermann (~> 1.0)
      rack (~> 2.0)
      rack-protection (= 2.0.5)
      tilt (~> 2.0)
    sinatra-activerecord (2.0.13)
      activerecord (>= 3.2)
      sinatra (>= 1.0)
    sinatra-contrib (2.0.5)
      backports (>= 2.8.2)
      multi_json
      mustermann (~> 1.0)
      rack-protection (= 2.0.5)
      sinatra (= 2.0.5)
      tilt (>= 1.3, < 3)
    sinatra-websocket (0.3.1)
      em-websocket (~> 0.3.6)
      eventmachine
      thin (>= 1.3.1, < 2.0.0)
    sprockets (3.7.2)
      concurrent-ruby (~> 1.0)
      rack (> 1, < 3)
    sqlite3 (1.4.1)
    temple (0.8.1)
    thin (1.7.2)
      daemons (~> 1.0, >= 1.0.9)
      eventmachine (~> 1.0, >= 1.0.4)
      rack (>= 1, < 3)
    thread_safe (0.3.6)
    tilt (2.0.9)
    timecop (0.9.1)
    tzinfo (1.2.5)
      thread_safe (~> 0.1)

PLATFORMS
  ruby

DEPENDENCIES
  eventmachine
  haml
  hyalite
  line-bot-api
  menilite
  opal-browser
  opal-haml
  opal-router!
  pry
  pry-byebug
  rake
  sass
  sinatra
  sinatra-activerecord
  sinatra-contrib
  sinatra-websocket
  sqlite3
  thin
  timecop

BUNDLED WITH
   1.17.2
